PATH
  remote: .
  specs:
    ethereum_unit_converter (0.1.1)
      bigdecimal (~> 3.0)

GEM
  remote: https://rubygems.org/
  specs:
    ansi (1.5.0)
    bigdecimal (3.0.0)
    builder (3.2.4)
    minitest (5.14.2)
    minitest-reporters (1.5.0)
      ansi
      builder
      minitest (>= 5.0)
      ruby-progressbar
    rake (13.0.3)
    ruby-progressbar (1.11.0)

PLATFORMS
  x86_64-darwin-20

DEPENDENCIES
  ethereum_unit_converter!
  minitest (~> 5.0)
  minitest-reporters (~> 1.5)
  rake (~> 13.0)

BUNDLED WITH
   2.3.4
